GIT
  remote: git://github.com/rails/sass-rails.git
  revision: a11d4c7989a2b3e82b780e4c363c7e5d28c4b739
  branch: master
  specs:
    sass-rails (6.0.0)
      railties (>= 4.0.0, < 5.0)
      sass (~> 3.4)
      sprockets (>= 4.0)
      sprockets-rails (< 4.0)

GIT
  remote: git://github.com/rails/sprockets-rails.git
  revision: 9ef1ac55b5c22a77bec2552f175bd02f574084a0
  branch: master
  specs:
    sprockets-rails (3.0.0)
      actionpack (>= 4.0)
      activesupport (>= 4.0)
      sprockets (>= 3.0.0)

GIT
  remote: git://github.com/rails/sprockets.git
  revision: f2bffbc0e057100cfb46718d32205cb9c3e95042
  branch: master
  specs:
    sprockets (4.0.0)
      concurrent-ruby (~> 1.0)
      rack (> 1, < 3)

GEM
  remote: https://rubygems.org/
  specs:
    actioncable (5.0.0.beta1)
      actionpack (= 5.0.0.beta1)
      celluloid (~> 0.17.2)
      coffee-rails (~> 4.1.0)
      em-hiredis (~> 0.3.0)
      faye-websocket (~> 0.10.0)
      redis (~> 3.0)
      websocket-driver (~> 0.6.1)
    actionmailer (5.0.0.beta1)
      actionpack (= 5.0.0.beta1)
      actionview (= 5.0.0.beta1)
      activejob (= 5.0.0.beta1)
      mail (~> 2.5, >= 2.5.4)
      rails-dom-testing (~> 1.0, >= 1.0.5)
    actionpack (5.0.0.beta1)
      actionview (= 5.0.0.beta1)
      activesupport (= 5.0.0.beta1)
      rack (~> 2.x)
      rack-test (~> 0.6.3)
      rails-dom-testing (~> 1.0, >= 1.0.5)
      rails-html-sanitizer (~> 1.0, >= 1.0.2)
    actionview (5.0.0.beta1)
      activesupport (= 5.0.0.beta1)
      builder (~> 3.1)
      erubis (~> 2.7.0)
      rails-dom-testing (~> 1.0, >= 1.0.5)
      rails-html-sanitizer (~> 1.0, >= 1.0.2)
    activejob (5.0.0.beta1)
      activesupport (= 5.0.0.beta1)
      globalid (>= 0.3.6)
    activemodel (5.0.0.beta1)
      activesupport (= 5.0.0.beta1)
      builder (~> 3.1)
    activerecord (5.0.0.beta1)
      activemodel (= 5.0.0.beta1)
      activesupport (= 5.0.0.beta1)
      arel (~> 7.0)
    activesupport (5.0.0.beta1)
      concurrent-ruby (~> 1.0)
      i18n (~> 0.7)
      json (~> 1.7, >= 1.7.7)
      method_source
      minitest (~> 5.1)
      tzinfo (~> 1.1)
    arel (7.0.0)
    babel-source (5.8.34)
    babel-transpiler (0.7.0)
      babel-source (>= 4.0, < 6)
      execjs (~> 2.0)
    builder (3.2.2)
    byebug (8.2.1)
    celluloid (0.17.2)
      celluloid-essentials
      celluloid-extras
      celluloid-fsm
      celluloid-pool
      celluloid-supervision
      timers (>= 4.1.1)
    celluloid-essentials (0.20.5)
      timers (>= 4.1.1)
    celluloid-extras (0.20.5)
      timers (>= 4.1.1)
    celluloid-fsm (0.20.5)
      timers (>= 4.1.1)
    celluloid-pool (0.20.5)
      timers (>= 4.1.1)
    celluloid-supervision (0.20.5)
      timers (>= 4.1.1)
    coffee-rails (4.1.1)
      coffee-script (>= 2.2.0)
      railties (>= 4.0.0, < 5.1.x)
    coffee-script (2.4.1)
      coffee-script-source
      execjs
    coffee-script-source (1.10.0)
    concurrent-ruby (1.0.0)
    debug_inspector (0.0.2)
    diff-lcs (1.2.5)
    em-hiredis (0.3.0)
      eventmachine (~> 1.0)
      hiredis (~> 0.5.0)
    erubis (2.7.0)
    eventmachine (1.0.9)
    execjs (2.6.0)
    faye-websocket (0.10.2)
      eventmachine (>= 0.12.0)
      websocket-driver (>= 0.5.1)
    globalid (0.3.6)
      activesupport (>= 4.1.0)
    hiredis (0.5.2)
    hitimes (1.2.3)
    i18n (0.7.0)
    jquery-rails (4.1.0)
      rails-dom-testing (~> 1.0)
      railties (>= 4.2.0)
      thor (>= 0.14, < 2.0)
    json (1.8.3)
    loofah (2.0.3)
      nokogiri (>= 1.5.9)
    mail (2.6.3)
      mime-types (>= 1.16, < 3)
    method_source (0.8.2)
    mime-types (2.99)
    mini_portile2 (2.0.0)
    minitest (5.8.3)
    nokogiri (1.6.7.1)
      mini_portile2 (~> 2.0.0.rc2)
    pg (0.18.4)
    puma (2.15.3)
    rack (2.0.0.alpha)
      json
    rack-test (0.6.3)
      rack (>= 1.0)
    rails (5.0.0.beta1)
      actioncable (= 5.0.0.beta1)
      actionmailer (= 5.0.0.beta1)
      actionpack (= 5.0.0.beta1)
      actionview (= 5.0.0.beta1)
      activejob (= 5.0.0.beta1)
      activemodel (= 5.0.0.beta1)
      activerecord (= 5.0.0.beta1)
      activesupport (= 5.0.0.beta1)
      bundler (>= 1.3.0, < 2.0)
      railties (= 5.0.0.beta1)
      sprockets-rails (>= 2.0.0)
    rails-deprecated_sanitizer (1.0.3)
      activesupport (>= 4.2.0.alpha)
    rails-dom-testing (1.0.7)
      activesupport (>= 4.2.0.beta, < 5.0)
      nokogiri (~> 1.6.0)
      rails-deprecated_sanitizer (>= 1.0.1)
    rails-html-sanitizer (1.0.2)
      loofah (~> 2.0)
    railties (5.0.0.beta1)
      actionpack (= 5.0.0.beta1)
      activesupport (= 5.0.0.beta1)
      method_source
      rake (>= 0.8.7)
      thor (>= 0.18.1, < 2.0)
    rake (10.5.0)
    redis (3.2.2)
    rspec-core (3.1.7)
      rspec-support (~> 3.1.0)
    rspec-expectations (3.1.2)
      diff-lcs (>= 1.2.0, < 2.0)
      rspec-support (~> 3.1.0)
    rspec-mocks (3.1.3)
      rspec-support (~> 3.1.0)
    rspec-rails (3.1.0)
      actionpack (>= 3.0)
      activesupport (>= 3.0)
      railties (>= 3.0)
      rspec-core (~> 3.1.0)
      rspec-expectations (~> 3.1.0)
      rspec-mocks (~> 3.1.0)
      rspec-support (~> 3.1.0)
    rspec-support (3.1.2)
    sass (3.4.21)
    spring (1.6.2)
    thor (0.19.1)
    thread_safe (0.3.5)
    timers (4.1.1)
      hitimes
    turbolinks (2.5.3)
      coffee-rails
    tzinfo (1.2.2)
      thread_safe (~> 0.1)
    uglifier (2.7.2)
      execjs (>= 0.3.0)
      json (>= 1.8.0)
    web-console (3.0.0)
      activemodel (>= 4.2)
      debug_inspector
      railties (>= 4.2)
    websocket-driver (0.6.3)
      websocket-extensions (>= 0.1.0)
    websocket-extensions (0.1.2)

PLATFORMS
  ruby

DEPENDENCIES
  babel-transpiler
  byebug
  jquery-rails
  pg
  puma
  rails (>= 5.0.0.beta1, < 5.1)
  rspec-rails (~> 3.0)
  sass-rails!
  spring
  sprockets!
  sprockets-rails!
  turbolinks
  uglifier (>= 1.3.0)
  web-console (~> 3.0)

BUNDLED WITH
   1.11.2
